PATH
  remote: .
  specs:
    prawn-forms (1.0.0)
      pdf-reader (~> 2.0)
      prawn (~> 2.2)

GEM
  remote: https://rubygems.org/
  specs:
    Ascii85 (1.0.3)
    afm (0.2.2)
    ast (2.4.0)
    diff-lcs (1.3)
    hashery (2.1.2)
    jaro_winkler (1.5.2)
    parallel (1.12.1)
    parser (2.5.3.0)
      ast (~> 2.4.0)
    pdf-core (0.7.0)
    pdf-inspector (1.3.0)
      pdf-reader (>= 1.0, < 3.0.a)
    pdf-reader (2.2.0)
      Ascii85 (~> 1.0.0)
      afm (~> 0.2.1)
      hashery (~> 2.0)
      ruby-rc4
      ttfunk
    powerpack (0.1.2)
    prawn (2.2.2)
      pdf-core (~> 0.7.0)
      ttfunk (~> 1.5)
    rainbow (3.0.0)
    rake (12.3.2)
    rspec (3.8.0)
      rspec-core (~> 3.8.0)
      rspec-expectations (~> 3.8.0)
      rspec-mocks (~> 3.8.0)
    rspec-core (3.8.0)
      rspec-support (~> 3.8.0)
    rspec-expectations (3.8.2)
      diff-lcs (>= 1.2.0, < 2.0)
      rspec-support (~> 3.8.0)
    rspec-mocks (3.8.0)
      diff-lcs (>= 1.2.0, < 2.0)
      rspec-support (~> 3.8.0)
    rspec-support (3.8.0)
    rubocop (0.62.0)
      jaro_winkler (~> 1.5.1)
      parallel (~> 1.10)
      parser (>= 2.5, != 2.5.1.1)
      powerpack (~> 0.1)
      rainbow (>= 2.2.2, < 4.0)
      ruby-progressbar (~> 1.7)
      unicode-display_width (~> 1.4.0)
    rubocop-rspec (1.31.0)
      rubocop (>= 0.60.0)
    ruby-progressbar (1.10.0)
    ruby-rc4 (0.1.5)
    ttfunk (1.5.1)
    unicode-display_width (1.4.1)

PLATFORMS
  ruby

DEPENDENCIES
  pdf-inspector (~> 1.3)
  prawn-forms!
  rake (~> 12.0)
  rspec (~> 3.0)
  rubocop (~> 0.47)
  rubocop-rspec (~> 1.10)

BUNDLED WITH
   1.17.1
